GEM
  remote: https://rubygems.org/
  specs:
    clamp (1.0.0)
    docker-api (1.22.4)
      excon (>= 0.38.0)
      json
    excon (0.48.0)
    hashie (3.4.3)
    highline (1.7.8)
    json (1.8.3)
    liquid (3.0.6)
    metastore (0.3.0)
    naught (1.0.0)
    percheron (0.8.1)
      clamp (~> 1.0.0)
      docker-api (~> 1.22.0)
      hashie (~> 3.4.0)
      highline (~> 1.7.1)
      liquid (~> 3.0.0)
      metastore (~> 0.3.0)
      naught (~> 1.0.0)
      ruby-graphviz (~> 1.2.0)
      semantic (~> 1.4.0)
      terminal-table (~> 1.5.0)
    ruby-graphviz (1.2.2)
    semantic (1.4.1)
    terminal-table (1.5.2)

PLATFORMS
  ruby

DEPENDENCIES
  percheron

BUNDLED WITH
   1.11.2
