GEM
  remote: https://rubygems.org/
  specs:
    clamp (1.0.0)
    docker-api (1.22.2)
      excon (>= 0.38.0)
      json
    excon (0.45.4)
    hashie (3.4.2)
    highline (1.7.3)
    json (1.8.3)
    liquid (3.0.6)
    metastore (0.3.0)
    naught (1.0.0)
    percheron (0.7.11)
      clamp (~> 1.0.0)
      docker-api (~> 1.22.0)
      hashie (~> 3.4.0)
      highline (~> 1.7.1)
      liquid (~> 3.0.0)
      metastore (~> 0.3.0)
      naught (~> 1.0.0)
      ruby-graphviz (~> 1.2.0)
      semantic (~> 1.4.0)
      terminal-table (~> 1.5.0)
    ruby-graphviz (1.2.2)
    semantic (1.4.1)
    terminal-table (1.5.2)

PLATFORMS
  ruby

DEPENDENCIES
  percheron (~> 0.7.0)

BUNDLED WITH
   1.10.5
